GIT
  remote: git://github.com/flynn/flynn-dashboard-web-icons.git
  revision: b1549d3f40eeee8921c105c08b0792937d80c7f3
  branch: master
  specs:
    flynn-dashboard-web-icons (0.0.1)

GIT
  remote: git://github.com/jvaill/sprockets.git
  revision: 6327a13e77609991509c8cf3d3c1e571f6a4b23d
  branch: master
  specs:
    sprockets (2.9.2)
      hike (~> 1.2)
      multi_json (~> 1.0)
      rack (~> 1.0)
      tilt (~> 1.1, != 1.3.0)

GIT
  remote: git://github.com/jvatic/marbles-js.git
  revision: 58a4ab47c27ce5469e9b6098001e282a6f6d3ad3
  branch: master
  specs:
    marbles-js (0.0.5)

GIT
  remote: git://github.com/jvatic/react-jsx-sprockets.git
  revision: 3b376d75adcf57c6c512afbd7f6ce1afb8de02f3
  branch: master
  specs:
    react-jsx-sprockets (0.1.0)
      execjs (>= 1.2.9)
      sprockets (>= 2.0.3)
      tilt (>= 1.3.3)
      yajl-ruby

GIT
  remote: git://github.com/jvatic/static-sprockets.git
  revision: 86fc3fe0f9537365a05af1eac25960f093758a97
  branch: master
  specs:
    static-sprockets (0.0.2)
      rack (~> 1.0)
      rack-putty (= 0.0.1)
      sass
      sprockets (~> 2.0)
      sprockets-helpers
      sprockets-rainpress
      sprockets-sass
      uglifier

GIT
  remote: git://github.com/tent/rack-putty.git
  revision: ebb5a62dc895ce0b73fa6cd3dda330226f42beb9
  branch: master
  specs:
    rack-putty (0.0.1)
      rack-mount (~> 0.8.3)

GEM
  remote: https://rubygems.org/
  specs:
    execjs (2.2.1)
    hike (1.2.3)
    json (1.8.1)
    mimetype-fu (0.1.2)
    multi_json (1.10.1)
    puma (2.9.0)
      rack (>= 1.1, < 2.0)
    rack (1.5.2)
    rack-mount (0.8.3)
      rack (>= 1.0.0)
    rainpress (1.0)
    rake (10.3.2)
    sass (3.3.10)
    sprockets-helpers (1.1.0)
      sprockets (~> 2.0)
    sprockets-rainpress (0.0.1)
      rainpress
      sprockets
    sprockets-sass (1.2.0)
      sprockets (~> 2.0)
      tilt (~> 1.1)
    tilt (1.4.1)
    uglifier (2.5.3)
      execjs (>= 0.3.0)
      json (>= 1.8.0)
    yajl-ruby (1.2.0)

PLATFORMS
  ruby

DEPENDENCIES
  flynn-dashboard-web-icons!
  marbles-js!
  mimetype-fu
  puma
  rack-putty!
  rake
  react-jsx-sprockets!
  sprockets (~> 2.0)!
  static-sprockets!
  yajl-ruby
