GIT
  remote: git://github.com/cupcake/cupcake-icons.git
  revision: ed51db3aaf27fed932d5ae562feadd06975b1349
  branch: master
  specs:
    cupcake-icons (0.0.1)

GIT
  remote: git://github.com/cupcake/fly.git
  revision: 494deb993c14dded688a44043edfd2034e097f92
  branch: flynn
  specs:
    fly (0.0.1)
      sass
      sprockets (~> 2.0)
      sprockets-helpers
      sprockets-sass

GIT
  remote: git://github.com/interagent/prmd.git
  revision: d3aa5d8451249e3a939611a8aa4c3dfb4f8d8971
  ref: d3aa5d8451249e3a939611a8aa4c3dfb4f8d8971
  branch: master
  specs:
    prmd (0.3.2)
      erubis (~> 2.7)
      json_schema (~> 0.1)

GIT
  remote: git://github.com/jvatic/marbles-js.git
  revision: 951e432c3e9bec28d5f42787f9e5b5f760972d1e
  ref: 951e432c3e9bec28d5f42787f9e5b5f760972d1e
  specs:
    marbles-js (0.0.4)

GIT
  remote: git://github.com/jvatic/react-jsx-sprockets.git
  revision: 3b376d75adcf57c6c512afbd7f6ce1afb8de02f3
  branch: master
  specs:
    react-jsx-sprockets (0.1.0)
      execjs (>= 1.2.9)
      sprockets (>= 2.0.3)
      tilt (>= 1.3.3)
      yajl-ruby

GEM
  remote: https://rubygems.org/
  specs:
    activesupport (3.2.20)
      i18n (~> 0.6, >= 0.6.4)
      multi_json (~> 1.0)
    builder (3.2.2)
    chunky_png (1.3.3)
    coffee-script (2.2.0)
      coffee-script-source
      execjs
    coffee-script-source (1.8.0)
    compass (1.0.1)
      chunky_png (~> 1.2)
      compass-core (~> 1.0.1)
      compass-import-once (~> 1.0.5)
      rb-fsevent (>= 0.9.3)
      rb-inotify (>= 0.9)
      sass (>= 3.3.13, < 3.5)
    compass-core (1.0.1)
      multi_json (~> 1.0)
      sass (>= 3.3.0, < 3.5)
    compass-import-once (1.0.5)
      sass (>= 3.2, < 3.5)
    em-websocket (0.5.1)
      eventmachine (>= 0.12.9)
      http_parser.rb (~> 0.6.0)
    erubis (2.7.0)
    eventmachine (1.0.3)
    execjs (1.4.1)
      multi_json (~> 1.0)
    ffi (1.9.6)
    haml (4.0.5)
      tilt
    hike (1.2.3)
    http_parser.rb (0.6.0)
    i18n (0.6.11)
    json_schema (0.3.0)
    kgio (2.9.2)
    kramdown (1.5.0)
    listen (1.3.1)
      rb-fsevent (>= 0.9.3)
      rb-inotify (>= 0.9)
      rb-kqueue (>= 0.2)
    middleman (3.1.6)
      coffee-script (~> 2.2.0)
      compass (>= 0.12.2)
      execjs (~> 1.4.0)
      haml (>= 3.1.6)
      kramdown (~> 1.2)
      middleman-core (= 3.1.6)
      middleman-more (= 3.1.6)
      middleman-sprockets (>= 3.1.2)
      sass (>= 3.1.20)
      uglifier (~> 2.1.0)
    middleman-blog (3.3.0)
      middleman-core (~> 3.0)
      middleman-more (~> 3.0)
      tzinfo (~> 0.3.0)
    middleman-core (3.1.6)
      activesupport (~> 3.2.6)
      bundler (~> 1.1)
      i18n (~> 0.6.1)
      listen (~> 1.1)
      rack (>= 1.4.5)
      rack-test (~> 0.6.1)
      thor (>= 0.15.2, < 2.0)
      tilt (~> 1.3.6)
    middleman-livereload (3.1.1)
      em-websocket (>= 0.2.0)
      middleman-core (>= 3.0.2)
      multi_json (~> 1.0)
      rack-livereload
    middleman-more (3.1.6)
    middleman-sprockets (3.1.4)
      middleman-core (>= 3.0.14)
      middleman-more (>= 3.0.14)
      sprockets (~> 2.1)
      sprockets-helpers (~> 1.0.0)
      sprockets-sass (~> 1.0.0)
    multi_json (1.10.1)
    posix-spawn (0.3.9)
    pygments.rb (0.6.0)
      posix-spawn (~> 0.3.6)
      yajl-ruby (~> 1.1.0)
    rack (1.5.2)
    rack-livereload (0.3.15)
      rack
    rack-test (0.6.2)
      rack (>= 1.0)
    raindrops (0.13.0)
    rake (10.3.2)
    rb-fsevent (0.9.4)
    rb-inotify (0.9.5)
      ffi (>= 0.5.0)
    rb-kqueue (0.2.3)
      ffi (>= 0.5.0)
    redcarpet (3.2.0)
    sass (3.4.7)
    sprockets (2.12.3)
      hike (~> 1.2)
      multi_json (~> 1.0)
      rack (~> 1.0)
      tilt (~> 1.1, != 1.3.0)
    sprockets-helpers (1.0.1)
      sprockets (~> 2.0)
    sprockets-sass (1.0.3)
      sprockets (~> 2.0)
      tilt (~> 1.1)
    thor (0.19.1)
    tilt (1.3.7)
    tzinfo (0.3.42)
    uglifier (2.1.2)
      execjs (>= 0.3.0)
      multi_json (~> 1.0, >= 1.0.2)
    unicorn (4.8.3)
      kgio (~> 2.6)
      rack
      raindrops (~> 0.7)
    yajl-ruby (1.1.0)

PLATFORMS
  ruby

DEPENDENCIES
  activesupport
  builder
  cupcake-icons!
  fly!
  marbles-js!
  middleman (~> 3.1.3)
  middleman-blog
  middleman-livereload (~> 3.1.0)
  middleman-more
  prmd!
  pygments.rb
  rake
  react-jsx-sprockets!
  redcarpet
  unicorn
